PATH
  remote: .
  specs:
    amazonian (0.0.1)
      crack
      hashie
      httpclient

GEM
  remote: http://rubygems.org/
  specs:
    crack (0.1.8)
    diff-lcs (1.1.2)
    hashie (0.4.0)
    httpclient (2.1.5.2)
    rspec (2.1.0)
      rspec-core (~> 2.1.0)
      rspec-expectations (~> 2.1.0)
      rspec-mocks (~> 2.1.0)
    rspec-core (2.1.0)
    rspec-expectations (2.1.0)
      diff-lcs (~> 1.1.2)
    rspec-mocks (2.1.0)

PLATFORMS
  ruby

DEPENDENCIES
  amazonian!
  crack
  hashie
  httpclient
  rspec
